GEM
  remote: https://rubygems.org/
  specs:
    mini_portile2 (2.4.0)
    nokogiri (1.10.0)
      mini_portile2 (~> 2.4.0)

PLATFORMS
  ruby

DEPENDENCIES
  nokogiri (= 1.10)

RUBY VERSION
   ruby 2.6.0p0

BUNDLED WITH
   1.17.2
